PATH
  remote: .
  specs:
    opensips-mi (0.0.1)

GEM
  remote: https://rubygems.org/
  specs:
    json (1.7.7)
    metaclass (0.0.1)
    mocha (0.10.5)
      metaclass (~> 0.0.1)
    rake (0.9.6)
    rdoc (3.12.1)
      json (~> 1.4)

PLATFORMS
  ruby

DEPENDENCIES
  bundler
  mocha
  opensips-mi!
  rake (~> 0.9.2)
  rdoc
