PATH
  remote: .
  specs:
    opensips-mi (0.0.1)

GEM
  remote: https://rubygems.org/
  specs:
    json (1.7.7)
    metaclass (0.0.1)
    mocha (0.13.3)
      metaclass (~> 0.0.1)
    rake (10.0.4)
    rdoc (4.0.1)
      json (~> 1.4)

PLATFORMS
  ruby

DEPENDENCIES
  bundler (~> 1.3)
  mocha
  opensips-mi!
  rake
  rdoc
